GEM
  remote: https://gemsrv.qutic.net/
  specs:
    rundeck-ruby-client (0.2.5)
      activesupport (>= 3.0)
      i18n
      json
      naught
      rest-client

GEM
  remote: https://rubygems.org/
  specs:
    actioncable (7.0.8.6)
      actionpack (= 7.0.8.6)
      activesupport (= 7.0.8.6)
      nio4r (~> 2.0)
      websocket-driver (>= 0.6.1)
    actionmailbox (7.0.8.6)
      actionpack (= 7.0.8.6)
      activejob (= 7.0.8.6)
      activerecord (= 7.0.8.6)
      activestorage (= 7.0.8.6)
      activesupport (= 7.0.8.6)
      mail (>= 2.7.1)
      net-imap
      net-pop
      net-smtp
    actionmailer (7.0.8.6)
      actionpack (= 7.0.8.6)
      actionview (= 7.0.8.6)
      activejob (= 7.0.8.6)
      activesupport (= 7.0.8.6)
      mail (~> 2.5, >= 2.5.4)
      net-imap
      net-pop
      net-smtp
      rails-dom-testing (~> 2.0)
    actionpack (7.0.8.6)
      actionview (= 7.0.8.6)
      activesupport (= 7.0.8.6)
      rack (~> 2.0, >= 2.2.4)
      rack-test (>= 0.6.3)
      rails-dom-testing (~> 2.0)
      rails-html-sanitizer (~> 1.0, >= 1.2.0)
    actionpack-xml_parser (2.0.1)
      actionpack (>= 5.0)
      railties (>= 5.0)
    actiontext (7.0.8.6)
      actionpack (= 7.0.8.6)
      activerecord (= 7.0.8.6)
      activestorage (= 7.0.8.6)
      activesupport (= 7.0.8.6)
      globalid (>= 0.6.0)
      nokogiri (>= 1.8.5)
    actionview (7.0.8.6)
      activesupport (= 7.0.8.6)
      builder (~> 3.1)
      erubi (~> 1.4)
      rails-dom-testing (~> 2.0)
      rails-html-sanitizer (~> 1.1, >= 1.2.0)
    activejob (7.0.8.6)
      activesupport (= 7.0.8.6)
      globalid (>= 0.3.6)
    activemodel (7.0.8.6)
      activesupport (= 7.0.8.6)
    activerecord (7.0.8.6)
      activemodel (= 7.0.8.6)
      activesupport (= 7.0.8.6)
    activestorage (7.0.8.6)
      actionpack (= 7.0.8.6)
      activejob (= 7.0.8.6)
      activerecord (= 7.0.8.6)
      activesupport (= 7.0.8.6)
      marcel (~> 1.0)
      mini_mime (>= 1.1.0)
    activesupport (7.0.8.6)
      concurrent-ruby (~> 1.0, >= 1.0.2)
      i18n (>= 1.6, < 2)
      minitest (>= 5.1)
      tzinfo (~> 2.0)
    acts_as_list (1.2.3)
      activerecord (>= 6.1)
      activesupport (>= 6.1)
    addressable (2.8.7)
      public_suffix (>= 2.0.2, < 7.0)
    audited (5.7.0)
      activerecord (>= 5.2, < 8.0)
      activesupport (>= 5.2, < 8.0)
    bcrypt (3.1.20)
    bigdecimal (3.1.8)
    builder (3.3.0)
    capybara (3.40.0)
      addressable
      matrix
      mini_mime (>= 0.1.3)
      nokogiri (~> 1.11)
      rack (>= 1.6.0)
      rack-test (>= 0.6.3)
      regexp_parser (>= 1.5, < 3.0)
      xpath (~> 3.2)
    coffee-rails (5.0.0)
      coffee-script (>= 2.2.0)
      railties (>= 5.2.0)
    coffee-script (2.4.1)
      coffee-script-source
      execjs
    coffee-script-source (1.12.2)
    columnize (0.9.0)
    concurrent-ruby (1.3.4)
    crass (1.0.6)
    cucumber (9.2.0)
      builder (~> 3.2)
      cucumber-ci-environment (> 9, < 11)
      cucumber-core (> 13, < 14)
      cucumber-cucumber-expressions (~> 17.0)
      cucumber-gherkin (> 24, < 28)
      cucumber-html-formatter (> 20.3, < 22)
      cucumber-messages (> 19, < 25)
      diff-lcs (~> 1.5)
      mini_mime (~> 1.1)
      multi_test (~> 1.1)
      sys-uname (~> 1.2)
    cucumber-ci-environment (10.0.1)
    cucumber-core (13.0.3)
      cucumber-gherkin (>= 27, < 28)
      cucumber-messages (>= 20, < 23)
      cucumber-tag-expressions (> 5, < 7)
    cucumber-cucumber-expressions (17.1.0)
      bigdecimal
    cucumber-gherkin (27.0.0)
      cucumber-messages (>= 19.1.4, < 23)
    cucumber-html-formatter (21.7.0)
      cucumber-messages (> 19, < 27)
    cucumber-messages (22.0.0)
    cucumber-rails (3.0.0)
      capybara (>= 3.11, < 4)
      cucumber (>= 5, < 10)
      railties (>= 5.2, < 8)
    cucumber-tag-expressions (6.1.1)
    daemons (1.4.1)
    database_cleaner (2.1.0)
      database_cleaner-active_record (>= 2, < 3)
    database_cleaner-active_record (2.2.0)
      activerecord (>= 5.a)
      database_cleaner-core (~> 2.0.0)
    database_cleaner-core (2.0.1)
    date (3.4.0)
    debugger (1.6.8)
      columnize (>= 0.3.1)
      debugger-linecache (~> 1.2.0)
      debugger-ruby_core_source (~> 1.3.5)
    debugger-linecache (1.2.0)
    debugger-ruby_core_source (1.3.8)
    delayed_job (4.1.12)
      activesupport (>= 3.0, < 8.0)
    delayed_job_active_record (4.1.10)
      activerecord (>= 3.0, < 8.0)
      delayed_job (>= 3.0, < 5)
    devise (4.9.4)
      bcrypt (~> 3.0)
      orm_adapter (~> 0.1)
      railties (>= 4.1.0)
      responders
      warden (~> 1.2.3)
    devise-encryptable (0.2.0)
      devise (>= 2.1.0)
    diff-lcs (1.5.1)
    domain_name (0.6.20240107)
    dotenv (3.1.4)
    dynamic_form (1.3.1)
      actionview (> 5.2.0)
      activemodel (> 5.2.0)
    erubi (1.13.0)
    erubis (2.7.0)
    exception_notification (4.5.0)
      actionmailer (>= 5.2, < 8)
      activesupport (>= 5.2, < 8)
    execjs (2.10.0)
    factory_girl (4.9.0)
      activesupport (>= 3.0.0)
    factory_girl_rails (4.9.0)
      factory_girl (~> 4.9.0)
      railties (>= 3.0.0)
    ffi (1.17.0-x86_64-darwin)
    font-awesome-rails (4.7.0.8)
      railties (>= 3.2, < 8.0)
    globalid (1.2.1)
      activesupport (>= 6.1)
    haml (5.2.2)
      temple (>= 0.8.0)
      tilt
    haml-rails (2.0.1)
      actionpack (>= 5.1)
      activesupport (>= 5.1)
      haml (>= 4.0.6, < 6.0)
      html2haml (>= 1.0.1)
      railties (>= 5.1)
    has_scope (0.8.2)
      actionpack (>= 5.2)
      activesupport (>= 5.2)
    html2haml (2.3.0)
      erubis (~> 2.7.0)
      haml (>= 4.0)
      nokogiri (>= 1.6.0)
      ruby_parser (~> 3.5)
    http-accept (1.7.0)
    http-cookie (1.0.7)
      domain_name (~> 0.5)
    i18n (1.14.6)
      concurrent-ruby (~> 1.0)
    inherited_resources (1.13.1)
      actionpack (>= 5.2, < 7.1)
      has_scope (~> 0.6)
      railties (>= 5.2, < 7.1)
      responders (>= 2, < 4)
    jquery-rails (4.6.0)
      rails-dom-testing (>= 1, < 3)
      railties (>= 4.2.0)
      thor (>= 0.14, < 2.0)
    json (2.7.6)
    libv8 (3.16.14.19.1-x86_64-darwin)
    logger (1.6.1)
    loofah (2.23.1)
      crass (~> 1.0.2)
      nokogiri (>= 1.12.0)
    mail (2.8.1)
      mini_mime (>= 0.1.1)
      net-imap
      net-pop
      net-smtp
    marcel (1.0.4)
    matrix (0.4.2)
    method_source (1.1.0)
    mime-types (3.6.0)
      logger
      mime-types-data (~> 3.2015)
    mime-types-data (3.2024.1001)
    mini_mime (1.1.5)
    minitest (5.25.1)
    mocha (2.5.0)
      ruby2_keywords (>= 0.0.5)
    multi_test (1.1.0)
    mysql2 (0.5.6)
    naught (1.1.0)
    net-http (0.4.1)
      uri
    net-imap (0.5.0)
      date
      net-protocol
    net-pop (0.1.2)
      net-protocol
    net-protocol (0.2.2)
      timeout
    net-smtp (0.5.0)
      net-protocol
    netrc (0.11.0)
    nio4r (2.7.4)
    nokogiri (1.16.7-x86_64-darwin)
      racc (~> 1.4)
    orm_adapter (0.5.0)
    power_assert (2.0.4)
    public_suffix (6.0.1)
    rabl (0.16.1)
      activesupport (>= 2.3.14)
    racc (1.8.1)
    rack (2.2.10)
    rack-test (2.1.0)
      rack (>= 1.3)
    rails (7.0.8.6)
      actioncable (= 7.0.8.6)
      actionmailbox (= 7.0.8.6)
      actionmailer (= 7.0.8.6)
      actionpack (= 7.0.8.6)
      actiontext (= 7.0.8.6)
      actionview (= 7.0.8.6)
      activejob (= 7.0.8.6)
      activemodel (= 7.0.8.6)
      activerecord (= 7.0.8.6)
      activestorage (= 7.0.8.6)
      activesupport (= 7.0.8.6)
      bundler (>= 1.15.0)
      railties (= 7.0.8.6)
    rails-dom-testing (2.2.0)
      activesupport (>= 5.0.0)
      minitest
      nokogiri (>= 1.6)
    rails-html-sanitizer (1.4.4)
      loofah (~> 2.19, >= 2.19.1)
    rails-observers (0.1.5)
      activemodel (>= 4.0)
    railties (7.0.8.6)
      actionpack (= 7.0.8.6)
      activesupport (= 7.0.8.6)
      method_source
      rake (>= 12.2)
      thor (~> 1.0)
      zeitwerk (~> 2.5)
    rake (13.2.1)
    ref (2.0.0)
    regexp_parser (2.9.2)
    request_store (1.7.0)
      rack (>= 1.4)
    responders (3.1.1)
      actionpack (>= 5.2)
      railties (>= 5.2)
    rest-client (2.1.0)
      http-accept (>= 1.7.0, < 2.0)
      http-cookie (>= 1.0.2, < 2.0)
      mime-types (>= 1.16, < 4.0)
      netrc (~> 0.8)
    rexml (3.3.9)
    rspec-core (3.13.2)
      rspec-support (~> 3.13.0)
    rspec-expectations (3.13.3)
      diff-lcs (>= 1.2.0, < 2.0)
      rspec-support (~> 3.13.0)
    rspec-mocks (3.13.2)
      diff-lcs (>= 1.2.0, < 2.0)
      rspec-support (~> 3.13.0)
    rspec-rails (7.0.1)
      actionpack (>= 7.0)
      activesupport (>= 7.0)
      railties (>= 7.0)
      rspec-core (~> 3.13)
      rspec-expectations (~> 3.13)
      rspec-mocks (~> 3.13)
      rspec-support (~> 3.13)
    rspec-support (3.13.1)
    ruby2_keywords (0.0.5)
    ruby_parser (3.21.1)
      racc (~> 1.5)
      sexp_processor (~> 4.16)
    sass-rails (6.0.0)
      sassc-rails (~> 2.1, >= 2.1.1)
    sassc (2.4.0)
      ffi (~> 1.9)
    sassc-rails (2.1.2)
      railties (>= 4.0.0)
      sassc (>= 2.0)
      sprockets (> 3.0)
      sprockets-rails
      tilt
    sexp_processor (4.17.2)
    sprockets (4.2.1)
      concurrent-ruby (~> 1.0)
      rack (>= 2.2.4, < 4)
    sprockets-rails (3.5.2)
      actionpack (>= 6.1)
      activesupport (>= 6.1)
      sprockets (>= 3.0.0)
    state_machines (0.6.0)
    sys-uname (1.3.0)
      ffi (~> 1.1)
    temple (0.10.3)
    test-unit (3.6.2)
      power_assert
    therubyracer (0.12.3)
      libv8 (~> 3.16.14.15)
      ref
    thor (1.3.2)
    tilt (2.4.0)
    timeout (0.4.1)
    tzinfo (2.0.6)
      concurrent-ruby (~> 1.0)
    uglifier (4.2.1)
      execjs (>= 0.3.0, < 3)
    uri (0.13.1)
    warden (1.2.9)
      rack (>= 2.0.9)
    webrat (0.7.3)
      nokogiri (>= 1.2.0)
      rack (>= 1.0)
      rack-test (>= 0.5.3)
    websocket-driver (0.7.6)
      websocket-extensions (>= 0.1.0)
    websocket-extensions (0.1.5)
    will_paginate (4.0.1)
    xpath (3.2.0)
      nokogiri (~> 1.8)
    zeitwerk (2.7.1)

PLATFORMS
  x86_64-darwin-20
  x86_64-darwin-21

DEPENDENCIES
  actionpack-xml_parser!
  acts_as_list!
  audited!
  bigdecimal!
  coffee-rails!
  cucumber-rails!
  daemons!
  database_cleaner!
  debugger!
  delayed_job (~> 4.1.10)!
  delayed_job_active_record (~> 4.1.7)!
  devise!
  devise-encryptable!
  dotenv!
  dynamic_form!
  exception_notification!
  factory_girl_rails (~> 4.0)!
  font-awesome-rails!
  haml-rails (~> 2.0.0)!
  inherited_resources (~> 1.13.1)!
  jquery-rails!
  loofah!
  mocha!
  mysql2!
  net-http!
  net-imap!
  net-smtp!
  rabl!
  rails (~> 7.0.0)!
  rails-html-sanitizer (~> 1.4.4)!
  rails-observers!
  request_store!
  rexml!
  rspec-rails!
  rundeck-ruby-client!
  sass-rails!
  sprockets!
  sprockets-rails!
  state_machines!
  test-unit (~> 3.0)!
  therubyracer!
  uglifier!
  uri!
  webrat!
  will_paginate!

RUBY VERSION
   ruby 3.2.2p53

BUNDLED WITH
   2.5.19
